GEM
  remote: http://rubygems.org/
  remote: http://rubygems.org/
  specs:
    bio (1.4.3)
    bio-phyloxml (0.9.0)
      bio (~> 1.4.2)
      libxml-ruby (~> 2.3.2)
    libxml-ruby (2.3.3)

PLATFORMS
  ruby

DEPENDENCIES
  bio
  bio-phyloxml
