GEM
  remote: http://rubygems.org/
  remote: http://rubygems.org/
  specs:
    bio (1.4.3)

PLATFORMS
  ruby

DEPENDENCIES
  bio
